GEM
  remote: http://rubygems.org/
  specs:
    echonest-ruby-api (0.7.0)
      httparty
      multi_json
    faraday (0.8.9)
      multipart-post (~> 1.2.0)
    faraday_middleware (0.8.8)
      faraday (>= 0.7.4, < 0.9)
    grooveshark (0.2.11)
      json (>= 1.4.6)
      rest-client (>= 1.5.1)
      uuid (~> 2.0)
    hashie (1.2.0)
    httparty (0.13.1)
      json (~> 1.8)
      multi_xml (>= 0.5.2)
    json (1.8.1)
    macaddr (1.7.1)
      systemu (~> 2.6.2)
    mime-types (2.2)
    multi_json (1.3.7)
    multi_xml (0.5.5)
    multipart-post (1.2.0)
    rack (1.5.2)
    rack-protection (1.5.3)
      rack
    rdio_api (0.1.1)
      faraday (~> 0.8.0)
      faraday_middleware (~> 0.8.7)
      hashie (~> 1.2.0)
      multi_json (~> 1.3.0)
      simple_oauth (~> 0.1.5)
    rest-client (1.6.7)
      mime-types (>= 1.16)
    shotgun (0.9)
      rack (>= 1.0)
    simple_oauth (0.1.9)
    sinatra (1.4.5)
      rack (~> 1.4)
      rack-protection (~> 1.4)
      tilt (~> 1.3, >= 1.3.4)
    systemu (2.6.4)
    tilt (1.4.1)
    uuid (2.3.7)
      macaddr (~> 1.0)

PLATFORMS
  ruby

DEPENDENCIES
  echonest-ruby-api
  grooveshark
  rdio_api
  shotgun
  sinatra
